GEM
  remote: https://rubygems.org/
  specs:
    byebug (11.0.1)
    coderay (1.1.2)
    elasticsearch (7.1.0)
      elasticsearch-api (= 7.1.0)
      elasticsearch-transport (= 7.1.0)
    elasticsearch-api (7.1.0)
      multi_json
    elasticsearch-transport (7.1.0)
      faraday
      multi_json
    faraday (0.15.4)
      multipart-post (>= 1.2, < 3)
    method_source (0.9.2)
    multi_json (1.13.1)
    multipart-post (2.1.1)
    pry (0.12.2)
      coderay (~> 1.1.0)
      method_source (~> 0.9.0)
    pry-byebug (3.7.0)
      byebug (~> 11.0)
      pry (~> 0.10)

PLATFORMS
  ruby

DEPENDENCIES
  elasticsearch
  pry-byebug

BUNDLED WITH
   1.17.2
